GEM
  remote: https://rubygems.org/
  specs:
    activemodel (7.0.3.1)
      activesupport (= 7.0.3.1)
    activesupport (7.0.3.1)
      concurrent-ruby (~> 1.0, >= 1.0.2)
      i18n (>= 1.6, < 2)
      minitest (>= 5.1)
      tzinfo (~> 2.0)
    concurrent-ruby (1.1.10)
    ethon (0.12.0)
      ffi (>= 1.3.0)
    ffi (1.12.2)
    hcloud (1.0.2)
      activemodel
      activesupport
      oj
      typhoeus
    i18n (1.12.0)
      concurrent-ruby (~> 1.0)
    minitest (5.16.2)
    oj (3.10.6)
    typhoeus (1.3.1)
      ethon (>= 0.9.0)
    tzinfo (2.0.5)
      concurrent-ruby (~> 1.0)

PLATFORMS
  ruby

DEPENDENCIES
  hcloud (~> 1.0, >= 1.0.2)

BUNDLED WITH
   2.0.2
